GEM
  remote: https://rubygems.org/
  specs:
    aws-sdk (2.9.17)
      aws-sdk-resources (= 2.9.17)
    aws-sdk-core (2.9.17)
      aws-sigv4 (~> 1.0)
      jmespath (~> 1.0)
    aws-sdk-resources (2.9.17)
      aws-sdk-core (= 2.9.17)
    aws-sigv4 (1.0.0)
    carthage_cache (0.8.3)
      aws-sdk (~> 2.0)
      commander (~> 4.3)
    commander (4.4.3)
      highline (~> 1.7.2)
    highline (1.7.8)
    jmespath (1.3.1)

PLATFORMS
  ruby

DEPENDENCIES
  carthage_cache

BUNDLED WITH
   1.14.6
